GIT
  remote: https://github.com/gjtorikian/html-proofer.git
  revision: 4ec365a5f4b1693da297cff6108aacc7233dbeb3
  branch: store-url-results
  specs:
    html-proofer (2.5.1)
      activesupport (~> 4.2)
      addressable (~> 2.3)
      colored (~> 1.2)
      mercenary (~> 0.3.2)
      nokogiri (~> 1.5)
      parallel (~> 1.3)
      typhoeus (~> 0.7)
      yell (~> 2.0)

GEM
  remote: http://rubygems.org/
  specs:
    activesupport (4.2.4)
      i18n (~> 0.7)
      json (~> 1.7, >= 1.7.7)
      minitest (~> 5.1)
      thread_safe (~> 0.3, >= 0.3.4)
      tzinfo (~> 1.1)
    addressable (2.3.8)
    awesome_print (1.6.1)
    colored (1.2)
    ethon (0.8.0)
      ffi (>= 1.3.0)
    ffi (1.9.10)
    i18n (0.7.0)
    json (1.8.3)
    mercenary (0.3.5)
    mini_portile (0.6.2)
    minitest (5.8.2)
    nokogiri (1.6.6.2)
      mini_portile (~> 0.6.0)
    parallel (1.6.1)
    rake (10.4.2)
    thread_safe (0.3.5)
    typhoeus (0.8.0)
      ethon (>= 0.8.0)
    tzinfo (1.2.2)
      thread_safe (~> 0.1)
    yell (2.0.5)

PLATFORMS
  ruby

DEPENDENCIES
  awesome_print
  html-proofer!
  rake

BUNDLED WITH
   1.10.6
